GEM
  remote: https://rubygems.org/
  specs:
    redcarpet (3.3.4)
    rouge (1.10.1)

PLATFORMS
  ruby

DEPENDENCIES
  redcarpet (~> 3.3)
  rouge (~> 1.10)
